GIT
  remote: git://github.com/NREL/OpenStudio-workflow-gem.git
  revision: 1c32407ad6cfbfb4197c9900dfdab9b0daa3ab92
  branch: develop
  specs:
    openstudio-workflow (0.2.0)
      colored (~> 1.2)
      facter (>= 2.0)
      multi_json (~> 1.10.0)
      rubyXL (~> 3.3.0)
      rubyzip (~> 1.1.7)

GIT
  remote: git://github.com/NREL/openstudio-standards.git
  revision: 68e7c6d8b12f77d34541f7091c1d92bfb606b638
  specs:
    openstudio-standards (0.1.0)

GEM
  remote: http://rubygems.org/
  specs:
    CFPropertyList (2.2.8)
    activemodel (3.2.22)
      activesupport (= 3.2.22)
      builder (~> 3.0.0)
    activesupport (3.2.22)
      i18n (~> 0.6, >= 0.6.4)
      multi_json (~> 1.0)
    builder (3.0.4)
    climate_control (0.0.3)
      activesupport (>= 3.0)
    cocaine (0.5.7)
      climate_control (>= 0.0.3, < 1.0)
    colored (1.2)
    delayed_job (4.1.1)
      activesupport (>= 3.0, < 5.0)
    delayed_job_mongoid (2.2.0)
      delayed_job (>= 3.0, < 5)
      mongoid (>= 3.0, < 6)
      mongoid-compatibility
    domain_name (0.5.25)
      unf (>= 0.0.5, < 1.0.0)
    facter (2.3.0)
      CFPropertyList (~> 2.2.6)
    http-cookie (1.0.2)
      domain_name (~> 0.5)
    i18n (0.7.0)
    libxml-ruby (2.8.0)
    macaddr (1.7.1)
      systemu (~> 2.6.2)
    mime-types (2.6.2)
    mini_portile2 (2.0.0)
    mongoid (3.1.7)
      activemodel (~> 3.2)
      moped (~> 1.4)
      origin (~> 1.0)
      tzinfo (~> 0.3.29)
    mongoid-compatibility (0.3.1)
      activesupport
      mongoid (>= 2.0)
    mongoid-paperclip (0.0.10)
      paperclip (>= 2.3.6, != 4.3.0)
    moped (1.5.3)
    msgpack (0.7.0)
    multi_json (1.10.1)
    netrc (0.11.0)
    nokogiri (1.6.7.2)
      mini_portile2 (~> 2.0.0.rc2)
    oj (2.13.0)
    origin (1.1.0)
    os (0.9.6)
    paperclip (4.1.1)
      activemodel (>= 3.0.0)
      activesupport (>= 3.0.0)
      cocaine (~> 0.5.3)
      mime-types
    parallel (1.6.1)
    rest-client (1.8.0)
      http-cookie (>= 1.0.2, < 2.0)
      mime-types (>= 1.16, < 3.0)
      netrc (~> 0.7)
    rserve-client (0.3.1)
    rserve-simpler (0.0.6)
      rserve-client (~> 0.3.0)
    ruby-prof (0.15.8)
    rubyXL (3.3.16)
      nokogiri (>= 1.4.4)
      rubyzip (>= 1.1.6)
    rubyzip (1.1.7)
    systemu (2.6.5)
    tzinfo (0.3.45)
    unf (0.1.4)
      unf_ext
    unf_ext (0.0.7.1)
    uuid (2.3.8)
      macaddr (~> 1.0)

PLATFORMS
  ruby

DEPENDENCIES
  delayed_job_mongoid
  facter (~> 2.3.0)
  libxml-ruby
  mongoid (~> 3.1.6)
  mongoid-paperclip
  msgpack
  multi_json
  oj
  openstudio-standards!
  openstudio-workflow!
  os
  paperclip (~> 4.1.1)
  parallel
  rest-client
  rserve-simpler
  ruby-prof
  uuid

BUNDLED WITH
   1.10.6
